PATH
  remote: .
  specs:
    sdl-ng (0.1.7)
      activesupport (~> 4.0)
      monetize (~> 0.3)
      money (~> 6.1)
      multi_json (~> 1.8)
      nokogiri (~> 1.6)
      rdf (~> 1.1)
      rdf-rdfxml (~> 1.1)
      slim (~> 2.0)
      verbs (~> 2.1)

GEM
  remote: https://rubygems.org/
  specs:
    activesupport (4.1.4)
      i18n (~> 0.6, >= 0.6.9)
      json (~> 1.7, >= 1.7.7)
      minitest (~> 5.1)
      thread_safe (~> 0.1)
      tzinfo (~> 1.1)
    diff-lcs (1.2.5)
    docile (1.1.5)
    fuubar (1.3.3)
      rspec (>= 2.14.0, < 3.1.0)
      ruby-progressbar (~> 1.4)
    haml (4.0.5)
      tilt
    htmlentities (4.3.2)
    i18n (0.6.11)
    json (1.8.1)
    mini_portile (0.6.0)
    minitest (5.4.0)
    monetize (0.3.0)
      money (~> 6.1.0.beta1)
    money (6.1.1)
      i18n (~> 0.6.4)
    multi_json (1.10.1)
    nokogiri (1.6.3.1)
      mini_portile (= 0.6.0)
    nokogiri (1.6.3.1-x86-mingw32)
      mini_portile (= 0.6.0)
    rake (10.3.2)
    rdf (1.1.4.3)
    rdf-rdfa (1.1.3.2)
      haml (~> 4.0)
      htmlentities (~> 4.3)
      rdf (~> 1.1)
      rdf-xsd (~> 1.1)
    rdf-rdfxml (1.1.0.1)
      rdf (~> 1.1)
      rdf-rdfa (~> 1.1)
      rdf-xsd (~> 1.1)
    rdf-xsd (1.1.1)
      rdf (~> 1.1)
    redcarpet (3.1.2)
    rspec (2.99.0)
      rspec-core (~> 2.99.0)
      rspec-expectations (~> 2.99.0)
      rspec-mocks (~> 2.99.0)
    rspec-core (2.99.1)
    rspec-expectations (2.99.2)
      diff-lcs (>= 1.1.3, < 2.0)
    rspec-mocks (2.99.2)
    ruby-progressbar (1.5.1)
    simplecov (0.9.0)
      docile (~> 1.1.0)
      multi_json
      simplecov-html (~> 0.8.0)
    simplecov-html (0.8.0)
    slim (2.0.3)
      temple (~> 0.6.6)
      tilt (>= 1.3.3, < 2.1)
    temple (0.6.8)
    thread_safe (0.3.4)
    tilt (2.0.1)
    tzinfo (1.2.1)
      thread_safe (~> 0.1)
    verbs (2.1.4)
      activesupport (>= 2.3.4)
      i18n
    yard (0.8.7.4)
    yard-redcarpet-ext (0.0.3)
      yard (~> 0.8.0)

PLATFORMS
  ruby
  x86-mingw32

DEPENDENCIES
  bundler
  fuubar (~> 1.3)
  rake
  redcarpet (~> 3.0)
  rspec (~> 2.14)
  sdl-ng!
  simplecov (~> 0.8)
  yard (~> 0.8.7.3)
  yard-redcarpet-ext (~> 0.0.3)
